GEM
  remote: https://rubygems.org/
  specs:
    gem-compiler (0.2.0)

PLATFORMS
  ruby

DEPENDENCIES
  gem-compiler
